PATH
  remote: .
  specs:
    mebla (1.1.4)
      mebla
      mongoid (~> 2.0.1)
      slingshot-rb (~> 0.0.7)

GEM
  remote: http://rubygems.org/
  specs:
    activemodel (3.0.6)
      activesupport (= 3.0.6)
      builder (~> 2.1.2)
      i18n (~> 0.5.0)
    activesupport (3.0.6)
    bluecloth (2.1.0)
    bson (1.3.0)
    bson_ext (1.3.0)
    builder (2.1.2)
    database_cleaner (0.6.4)
    diff-lcs (1.1.2)
    git (1.2.5)
    i18n (0.5.0)
    jeweler (1.5.2)
      bundler (~> 1.0.0)
      git (>= 1.2.5)
      rake
    mime-types (1.16)
    mongo (1.3.0)
      bson (>= 1.3.0)
    mongoid (2.0.1)
      activemodel (~> 3.0)
      mongo (~> 1.3)
      tzinfo (~> 0.3.22)
      will_paginate (~> 3.0.pre)
    mongoid-rspec (1.4.1)
      mongoid (~> 2.0.0.rc.7)
      mongoid-rspec
      rspec (~> 2)
    rake (0.8.7)
    rcov (0.9.9)
    rest-client (1.6.1)
      mime-types (>= 1.16)
    rspec (2.3.0)
      rspec-core (~> 2.3.0)
      rspec-expectations (~> 2.3.0)
      rspec-mocks (~> 2.3.0)
    rspec-core (2.3.1)
    rspec-expectations (2.3.0)
      diff-lcs (~> 1.1.2)
    rspec-mocks (2.3.0)
    slingshot-rb (0.0.7)
      bundler (~> 1.0.0)
      rest-client (~> 1.6.0)
      yajl-ruby (> 0.7.9)
    tzinfo (0.3.26)
    will_paginate (3.0.pre2)
    yajl-ruby (0.8.2)
    yard (0.6.7)

PLATFORMS
  ruby

DEPENDENCIES
  bluecloth (~> 2.1.0)
  bson (~> 1.3.0)
  bson_ext (~> 1.3.0)
  bundler (~> 1.0.0)
  database_cleaner (= 0.6.4)
  jeweler (~> 1.5.2)
  mebla!
  mongoid-rspec (= 1.4.1)
  rcov
  rspec (~> 2.3.0)
  yard (~> 0.6.0)
