GEM
  remote: http://rubygems.org/
  specs:
    activemodel (3.0.10)
      activesupport (= 3.0.10)
      builder (~> 2.1.2)
      i18n (~> 0.5.0)
    activesupport (3.0.10)
    alias (0.2.2)
    awesome_print (0.4.0)
    bluecloth (2.1.0)
    boson (0.3.3)
      alias (>= 0.2.2)
      hirb (>= 0.3.5)
    bson (1.3.1)
    bson_ext (1.3.1)
    builder (2.1.2)
    clipboard (0.9.9)
    coderay (0.9.8)
    columnize (0.3.4)
    database_cleaner (0.6.4)
    diff-lcs (1.1.2)
    every_day_irb (1.0.5)
    fancy_irb (0.7.0)
      paint (>= 0.8.1)
      unicode-display_width (>= 0.1.1)
    g (1.4.0)
      ruby-growl (>= 1.0.1)
    git (1.2.5)
    hirb (0.4.5)
    i18n (0.5.0)
    interactive_editor (0.0.8)
      spoon (>= 0.0.1)
    irbtools (1.0.5)
      awesome_print (~> 0.4.0)
      boson (>= 0.3.3)
      clipboard (>= 0.9.9)
      coderay (~> 0.9)
      every_day_irb (>= 1.0.5)
      fancy_irb (>= 0.7.0)
      g
      hirb (~> 0.4.5)
      interactive_editor (>= 0.0.8)
      methodfinder (>= 1.2.3)
      ori (~> 0.1.0)
      paint (>= 0.8.1)
      rvm_loader (>= 1.0.0)
      sketches
      wirb (>= 0.4.0)
      zucker (>= 11)
    jeweler (1.6.4)
      bundler (~> 1.0)
      git (>= 1.2.5)
      rake
    linecache (0.46)
      rbx-require-relative (> 0.0.4)
    methodfinder (1.2.3)
    mime-types (1.16)
    mongo (1.3.1)
      bson (>= 1.3.1)
    mongoid (2.1.8)
      activemodel (~> 3.0)
      mongo (~> 1.3)
      tzinfo (~> 0.3.22)
    mongoid-rspec (1.4.4)
      mongoid (~> 2.0)
      rspec (~> 2)
    ori (0.1.0)
    paint (0.8.3)
    rake (0.9.2)
    rbx-require-relative (0.0.5)
    rcov (0.9.9)
    rest-client (1.6.3)
      mime-types (>= 1.16)
    rspec (2.3.0)
      rspec-core (~> 2.3.0)
      rspec-expectations (~> 2.3.0)
      rspec-mocks (~> 2.3.0)
    rspec-core (2.3.1)
    rspec-expectations (2.3.0)
      diff-lcs (~> 1.1.2)
    rspec-mocks (2.3.0)
    ruby-debug (0.10.4)
      columnize (>= 0.1)
      ruby-debug-base (~> 0.10.4.0)
    ruby-debug-base (0.10.4)
      linecache (>= 0.3)
    ruby-growl (3.0)
    rvm_loader (1.0.0)
    sketches (0.1.1)
    slingshot-rb (0.0.8)
      bundler (~> 1.0.0)
      rest-client (~> 1.6.0)
      yajl-ruby (> 0.7.9)
    spoon (0.0.1)
    tzinfo (0.3.29)
    unicode-display_width (0.1.1)
    wirb (0.4.1)
    yajl-ruby (0.8.2)
    yard (0.6.7)
    zucker (11)

PLATFORMS
  ruby

DEPENDENCIES
  bluecloth (~> 2.1.0)
  bson_ext (~> 1.3.1)
  bundler (~> 1.0.0)
  database_cleaner (= 0.6.4)
  irbtools
  jeweler (~> 1.6.4)
  mongoid (~> 2.1.8)
  mongoid-rspec (~> 1.4.4)
  rcov
  rspec (~> 2.3.0)
  ruby-debug
  slingshot-rb (= 0.0.8)
  yard (~> 0.6.0)
